GEM
  remote: http://rubygems.org/
  remote: http://gemcutter.org/
  specs:
    actionmailer (2.3.10)
      actionpack (= 2.3.10)
    actionpack (2.3.10)
      activesupport (= 2.3.10)
      rack (~> 1.1.0)
    activerecord (2.3.10)
      activesupport (= 2.3.10)
    activeresource (2.3.10)
      activesupport (= 2.3.10)
    activesupport (2.3.10)
    after_commit (1.0.8)
      activerecord (< 3.0.0)
    ar_fixtures (0.0.4)
      hoe (>= 1.2.1)
    attribute_normalizer (0.3.1)
    cgi_multipart_eof_fix (2.5.0)
    daemons (1.1.0)
    fastthread (1.0.7)
    ferret (0.11.6)
      rake (> 0.0.0)
    gem_plugin (0.2.3)
    hoe (2.7.0)
      rake (>= 0.8.7)
      rubyforge (>= 2.0.4)
    hpricot (0.8.3)
    json_pure (1.4.6)
    mongrel (1.1.5)
      cgi_multipart_eof_fix (>= 2.4)
      daemons (>= 1.0.3)
      fastthread (>= 1.0.1)
      gem_plugin (>= 0.2.3)
    mysql2 (0.2.6)
    paperclip (2.3.6)
      activerecord
      activesupport
    rack (1.1.0)
    rails (2.3.10)
      actionmailer (= 2.3.10)
      actionpack (= 2.3.10)
      activerecord (= 2.3.10)
      activeresource (= 2.3.10)
      activesupport (= 2.3.10)
      rake (>= 0.8.3)
    rake (0.8.7)
    rdig (0.3.5)
      ferret (>= 0.10.0)
      hpricot (>= 0.6)
    riddle (1.2.1)
    rubyforge (2.0.4)
      json_pure (>= 1.1.7)
    thinking-sphinx (1.4.0)
      activerecord (>= 1.15.6, < 3.0.0)
      after_commit (>= 1.0.7)
      riddle (>= 1.2.0)
    will_paginate (2.3.15)
    yaml_db (0.1.0)

PLATFORMS
  ruby

DEPENDENCIES
  ar_fixtures
  attribute_normalizer
  hpricot
  mongrel
  mysql2
  paperclip
  rack
  rails (= 2.3.10)
  rdig
  thinking-sphinx
  will_paginate (~> 2.3.15)
  yaml_db (~> 0.1.0)
